GEM
  remote: https://rubygems.org/
  specs:
    puma (3.7.0)
    rack (2.0.1)
    roda (2.22.0)
      rack

PLATFORMS
  ruby

DEPENDENCIES
  puma
  roda

BUNDLED WITH
   1.14.3
